GEM
  remote: https://rubygems.org/
  specs:
    holidays (3.1.2)

PLATFORMS
  ruby

DEPENDENCIES
  holidays (~> 3.1, >= 3.1.1)

BUNDLED WITH
   1.11.2
