GEM
  remote: https://rubygems.org/
  specs:
    holidays (5.0.0)
    zip (2.0.2)

PLATFORMS
  ruby

DEPENDENCIES
  holidays
  zip

BUNDLED WITH
   1.13.3
